GIT
  remote: https://github.com/laclasse-com/laclasse-common.git
  revision: 68a073c8dceeebc0b6c0eba2bb06e3bb71c872fe
  branch: develop
  specs:
    laclasse-common (0.3)
      logstash-logger
      redis-rack (~> 1.5.0)
      rest-client

GEM
  remote: https://rubygems.org/
  specs:
    activesupport (4.2.0)
      i18n (~> 0.7)
      json (~> 1.7, >= 1.7.7)
      minitest (~> 5.1)
      thread_safe (~> 0.3, >= 0.3.4)
      tzinfo (~> 1.1)
    addressable (2.3.6)
    akami (1.2.2)
      gyoku (>= 0.4.0)
      nokogiri
    axiom-types (0.1.1)
      descendants_tracker (~> 0.0.4)
      ice_nine (~> 0.11.0)
      thread_safe (~> 0.3, >= 0.3.1)
    backports (3.6.4)
    builder (3.2.2)
    coderay (1.1.0)
    coercible (1.0.0)
      descendants_tracker (~> 0.0.1)
    coveralls (0.7.8)
      multi_json (~> 1.10)
      rest-client (~> 1.7)
      simplecov (~> 0.9.1)
      term-ansicolor (~> 1.3)
      thor (~> 0.19.1)
    descendants_tracker (0.0.4)
      thread_safe (~> 0.3, >= 0.3.1)
    diff-lcs (1.2.5)
    docile (1.1.5)
    equalizer (0.0.9)
    grape (0.10.1)
      activesupport
      builder
      hashie (>= 2.1.0)
      multi_json (>= 1.3.2)
      multi_xml (>= 0.5.2)
      rack (>= 1.3.0)
      rack-accept
      rack-mount
      virtus (>= 1.0.0)
    grape-entity (0.4.4)
      activesupport
      multi_json (>= 1.3.2)
    grape-swagger (0.9.0)
      grape (>= 0.8.0)
      grape-entity
    gyoku (1.1.1)
      builder (>= 2.1.2)
    hashie (3.3.2)
    htmlentities (4.3.3)
    httpi (2.2.7)
      rack
    i18n (0.7.0)
    ice_nine (0.11.1)
    json (1.8.2)
    logger (1.2.8)
    logstash-event (1.2.02)
    logstash-logger (0.8.0)
      logstash-event (~> 1.2)
      stud
    macaddr (1.7.1)
      systemu (~> 2.6.2)
    mail (2.6.3)
      mime-types (>= 1.16, < 3)
    method_source (0.8.2)
    mime-types (2.4.3)
    mini_portile (0.6.2)
    minitest (5.5.1)
    multi_json (1.10.1)
    multi_xml (0.5.5)
    mysql2 (0.3.17)
    netrc (0.10.2)
    nokogiri (1.6.6.2)
      mini_portile (~> 0.6.0)
    nori (2.4.0)
    omniauth (1.2.2)
      hashie (>= 1.2, < 4)
      rack (~> 1.0)
    omniauth-cas (1.1.0)
      addressable (~> 2.3)
      nokogiri (~> 1.5)
      omniauth (~> 1.2.0)
    pdfkit (0.6.2)
    pry (0.10.1)
      coderay (~> 1.1.0)
      method_source (~> 0.8.1)
      slop (~> 3.4)
    puma (2.11.0)
      rack (>= 1.1, < 2.0)
    rack (1.6.0)
    rack-accept (0.4.5)
      rack (>= 0.4)
    rack-mount (0.8.3)
      rack (>= 1.0.0)
    rack-protection (1.5.3)
      rack
    rack-rewrite (1.5.1)
    rack-test (0.6.3)
      rack (>= 1.0)
    rake (10.4.2)
    redis (3.2.0)
    redis-rack (1.5.0)
      rack (~> 1.5)
      redis-store (~> 1.1.0)
    redis-store (1.1.4)
      redis (>= 2.2)
    rest-client (1.7.2)
      mime-types (>= 1.16, < 3.0)
      netrc (~> 0.7)
    rspec (2.14.1)
      rspec-core (~> 2.14.0)
      rspec-expectations (~> 2.14.0)
      rspec-mocks (~> 2.14.0)
    rspec-core (2.14.8)
    rspec-expectations (2.14.5)
      diff-lcs (>= 1.1.3, < 2.0)
    rspec-mocks (2.14.6)
    savon (2.7.2)
      akami (~> 1.2.0)
      builder (>= 2.1.2)
      gyoku (~> 1.1.0)
      httpi (~> 2.2.3)
      nokogiri (>= 1.4.0)
      nori (~> 2.4.0)
      uuid (~> 2.3.7)
      wasabi (~> 3.3.0)
    sequel (4.19.0)
    shotgun (0.9)
      rack (>= 1.0)
    simplecov (0.9.1)
      docile (~> 1.1.0)
      multi_json (~> 1.0)
      simplecov-html (~> 0.8.0)
    simplecov-html (0.8.0)
    sinatra (1.4.5)
      rack (~> 1.4)
      rack-protection (~> 1.4)
      tilt (~> 1.3, >= 1.3.4)
    sinatra-contrib (1.4.2)
      backports (>= 2.0)
      multi_json
      rack-protection
      rack-test
      sinatra (~> 1.4.0)
      tilt (~> 1.3)
    slop (3.6.0)
    stud (0.0.19)
    systemu (2.6.4)
    term-ansicolor (1.3.0)
      tins (~> 1.0)
    thor (0.19.1)
    thread_safe (0.3.4)
    tilt (1.4.1)
    tins (1.3.3)
    travis-lint (2.0.0)
      json
    tzinfo (1.2.2)
      thread_safe (~> 0.1)
    uuid (2.3.7)
      macaddr (~> 1.0)
    virtus (1.0.4)
      axiom-types (~> 0.1)
      coercible (~> 1.0)
      descendants_tracker (~> 0.0, >= 0.0.3)
      equalizer (~> 0.0, >= 0.0.9)
    wasabi (3.3.1)
      httpi (~> 2.0)
      nokogiri (>= 1.4.0)
    wkhtmltopdf-binary (0.9.9.3)

PLATFORMS
  ruby

DEPENDENCIES
  coveralls
  grape
  grape-swagger
  htmlentities
  json
  laclasse-common!
  logger
  mail
  mysql2
  nokogiri
  omniauth
  omniauth-cas
  pdfkit
  pry
  puma
  rack
  rack-rewrite
  rack-test
  rake
  rest-client
  rspec (= 2.14.1)
  savon
  sequel
  shotgun
  simplecov
  sinatra
  sinatra-contrib
  travis-lint
  wkhtmltopdf-binary
